GEM
  remote: http://rubygems.org/
  specs:
    activemodel (3.2.3)
      activesupport (= 3.2.3)
      builder (~> 3.0.0)
    activesupport (3.2.3)
      i18n (~> 0.6)
      multi_json (~> 1.0)
    ansi (1.4.2)
    builder (3.0.0)
    i18n (0.6.0)
    multi_json (1.3.6)
    redis (3.0.0)
    turn (0.9.5)
      ansi

PLATFORMS
  ruby

DEPENDENCIES
  activemodel (> 3.1)
  activesupport (> 3.1)
  i18n
  redis
  turn
