GEM
  remote: http://rubygems.org/
  specs:
    activemodel (3.2.6)
      activesupport (= 3.2.6)
      builder (~> 3.0.0)
    activesupport (3.2.6)
      i18n (~> 0.6)
      multi_json (~> 1.0)
    ansi (1.4.3)
    builder (3.0.0)
    i18n (0.6.0)
    minitest (3.2.0)
    multi_json (1.3.6)
    redis (3.0.1)
    turn (0.9.6)
      ansi

PLATFORMS
  java
  ruby

DEPENDENCIES
  activemodel (>= 3.1)
  activesupport (>= 3.1)
  i18n
  minitest
  redis (>= 3.0)
  turn
