GEM
  remote: http://rubygems.org/
  specs:
    activemodel (3.1.3)
      activesupport (= 3.1.3)
      builder (~> 3.0.0)
      i18n (~> 0.6)
    activesupport (3.1.3)
      multi_json (~> 1.0)
    builder (3.0.0)
    i18n (0.6.0)
    multi_json (1.0.4)
    redis (2.2.2)

PLATFORMS
  ruby

DEPENDENCIES
  activemodel (~> 3.1)
  activesupport (~> 3.1)
  redis
